PATH
  remote: .
  specs:
    flavour_saver (0.5.0.pre.dokio)
      rltk (~> 2.2.0)
      tilt

GEM
  remote: https://rubygems.org/
  specs:
    diff-lcs (1.2.4)
    ffi (1.9.0)
    rake (10.1.0)
    rltk (2.2.1)
      ffi (>= 1.0.0)
    rspec-core (2.14.5)
    rspec-expectations (2.14.3)
      diff-lcs (>= 1.1.3, < 2.0)
    rspec-mocks (2.14.3)
    tilt (2.0.1)

PLATFORMS
  ruby

DEPENDENCIES
  flavour_saver!
  rake
  rspec-core
  rspec-expectations
  rspec-mocks

BUNDLED WITH
   2.1.4
