PATH
  remote: .
  specs:
    flavour_saver (0.5.0.pre.dokio)
      rltk (~> 2.2.1)

GEM
  remote: https://rubygems.org/
  specs:
    diff-lcs (1.5.0)
    ffi (1.9.0)
    rake (10.1.0)
    rltk (2.2.1)
      ffi (>= 1.0.0)
    rspec-core (3.12.2)
      rspec-support (~> 3.12.0)
    rspec-expectations (3.12.3)
      diff-lcs (>= 1.2.0, < 2.0)
      rspec-support (~> 3.12.0)
    rspec-mocks (3.12.5)
      diff-lcs (>= 1.2.0, < 2.0)
      rspec-support (~> 3.12.0)
    rspec-support (3.12.0)

PLATFORMS
  ruby

DEPENDENCIES
  flavour_saver!
  rake
  rspec-core (~> 3)
  rspec-expectations (~> 3)
  rspec-mocks (~> 3)

BUNDLED WITH
   2.1.4
